GEM
  remote: http://rubygems.org/
  specs:
    columnize (0.3.1)
    daemons (1.1.0)
    eventmachine (0.12.10)
    libxml-ruby (1.1.4)
    linecache (0.43)
    macaddr (1.0.0)
    nokogiri (1.4.3.1)
    rack (1.2.1)
    rack-test (0.5.4)
      rack (>= 1.0)
    rspec (1.3.0)
    ruby-debug (0.10.3)
      columnize (>= 0.1)
      ruby-debug-base (~> 0.10.3.0)
    ruby-debug-base (0.10.3)
      linecache (>= 0.3)
    sinatra (1.0)
      rack (>= 1.0)
    thin (1.2.7)
      daemons (>= 1.0.9)
      eventmachine (>= 0.12.6)
      rack (>= 1.0.0)
    uuid (2.3.1)
      macaddr (~> 1.0)
    webrat (0.7.1)
      nokogiri (>= 1.2.0)
      rack (>= 1.0)
      rack-test (>= 0.5.3)

PLATFORMS
  ruby

DEPENDENCIES
  libxml-ruby (~> 1.1)
  rack-test (~> 0.5)
  rspec (~> 1.3)
  ruby-debug
  sinatra (~> 1.0)
  thin (~> 1.2)
  uuid (~> 2.3)
  webrat (~> 0.7)
