GEM
  remote: http://rubygems.org/
  specs:
    columnize (0.3.2)
    daemons (1.1.4)
    eventmachine (0.12.10)
    libxml-ruby (1.1.3)
    linecache (0.43)
    macaddr (1.0.0)
    nokogiri (1.4.3.1)
    rack (1.3.2)
    rack-test (0.5.6)
      rack (>= 1.0)
    rspec (1.3.1)
    ruby-debug (0.10.4)
      columnize (>= 0.1)
      ruby-debug-base (~> 0.10.4.0)
    ruby-debug-base (0.10.4)
      linecache (>= 0.3)
    sinatra (1.1.0)
      rack (~> 1.1)
      tilt (~> 1.1)
    thin (1.2.11)
      daemons (>= 1.0.9)
      eventmachine (>= 0.12.6)
      rack (>= 1.0.0)
    tilt (1.1)
    uuid (2.3.1)
      macaddr (~> 1.0)
    webrat (0.7.2)
      nokogiri (>= 1.2.0)
      rack (>= 1.0)
      rack-test (>= 0.5.3)

PLATFORMS
  ruby

DEPENDENCIES
  libxml-ruby
  rack-test
  rspec (~> 1.3)
  ruby-debug
  sinatra
  thin
  uuid
  webrat
